GEM
  remote: https://rubygems.org/
  specs:
    builder (3.2.3)
    haml (4.0.7)
      tilt
    ims-lti (1.1.13)
      builder
      oauth (>= 0.4.5, < 0.6)
    mail (2.6.4)
      mime-types (>= 1.16, < 4)
    mime-types (3.1)
      mime-types-data (~> 3.2015)
    mime-types-data (3.2016.0521)
    oauth (0.5.1)
    passenger (5.1.2)
      rack
      rake (>= 0.8.1)
    pony (1.11)
      mail (>= 2.0)
    rack (1.6.5)
    rack-protection (1.5.3)
      rack
    rake (12.0.0)
    shotgun (0.9.2)
      rack (>= 1.0)
    sinatra (1.4.8)
      rack (~> 1.5)
      rack-protection (~> 1.4)
      tilt (>= 1.3, < 3)
    tilt (2.0.6)

PLATFORMS
  ruby

DEPENDENCIES
  haml
  ims-lti (~> 1.1, >= 1.1.13)
  passenger
  pony
  shotgun
  sinatra

BUNDLED WITH
   1.14.3
